PATH
  remote: .
  specs:
    omniauth-saml (1.3.1)
      omniauth (~> 1.1)
      ruby-saml (>= 0.9.2, < 1.11.0)

GEM
  remote: https://rubygems.org/
  specs:
    diff-lcs (1.2.4)
    hashie (3.6.0)
    mini_portile2 (2.4.0)
    multi_json (1.3.7)
    nokogiri (1.10.3)
      mini_portile2 (~> 2.4.0)
    omniauth (1.4.2)
      hashie (>= 1.2, < 4)
      rack (>= 1.0, < 3)
    rack (1.5.2)
    rack-test (0.6.2)
      rack (>= 1.0)
    rspec (2.14.1)
      rspec-core (~> 2.14.0)
      rspec-expectations (~> 2.14.0)
      rspec-mocks (~> 2.14.0)
    rspec-core (2.14.7)
    rspec-expectations (2.14.4)
      diff-lcs (>= 1.1.3, < 2.0)
    rspec-mocks (2.14.4)
    ruby-saml (1.10.2)
      nokogiri (>= 1.5.10)
    simplecov (0.7.1)
      multi_json (~> 1.0)
      simplecov-html (~> 0.7.1)
    simplecov-html (0.7.1)

PLATFORMS
  ruby

DEPENDENCIES
  omniauth-saml!
  rack-test (~> 0.6)
  rspec (~> 2.8)
  simplecov (~> 0.6)
